GEM
  remote: https://rubygems.org/
  specs:
    base64 (0.3.0)
    bson (5.1.1)
    coderay (1.1.3)
    concurrent-ruby (1.3.5)
    logger (1.7.0)
    method_source (1.1.0)
    mongo (2.21.2)
      base64
      bson (>= 4.14.1, < 6.0.0)
    mustermann (3.0.4)
      ruby2_keywords (~> 0.0.1)
    nio4r (2.7.4)
    pry (0.15.2)
      coderay (~> 1.1)
      method_source (~> 1.0)
    puma (6.6.1)
      nio4r (~> 2.0)
    rack (3.2.0)
    rack-protection (4.1.1)
      base64 (>= 0.1.0)
      logger (>= 1.6.0)
      rack (>= 3.0.0, < 4)
    rack-session (2.1.1)
      base64 (>= 0.1.0)
      rack (>= 3.0.0)
    ruby2_keywords (0.0.5)
    sinatra (4.1.1)
      logger (>= 1.6.0)
      mustermann (~> 3.0)
      rack (>= 3.0.0, < 4)
      rack-protection (= 4.1.1)
      rack-session (>= 2.0.0, < 3)
      tilt (~> 2.0)
    tilt (2.6.1)

PLATFORMS
  x86_64-darwin-24

DEPENDENCIES
  concurrent-ruby
  mongo
  pry
  puma
  rack
  sinatra

RUBY VERSION
   ruby 3.1.0p0

BUNDLED WITH
   2.3.3
